PATH
  remote: .
  specs:
    rpush (7.0.1)
      activesupport (>= 5.2)
      jwt (>= 1.5.6)
      multi_json (~> 1.0)
      net-http-persistent
      net-http2 (~> 0.18, >= 0.18.3)
      railties
      rainbow
      thor (>= 0.18.1, < 2.0)
      webpush (~> 1.0)

GEM
  remote: https://rubygems.org/
  specs:
    actionpack (5.2.8.1)
      actionview (= 5.2.8.1)
      activesupport (= 5.2.8.1)
      rack (~> 2.0, >= 2.0.8)
      rack-test (>= 0.6.3)
      rails-dom-testing (~> 2.0)
      rails-html-sanitizer (~> 1.0, >= 1.0.2)
    actionview (5.2.8.1)
      activesupport (= 5.2.8.1)
      builder (~> 3.1)
      erubi (~> 1.4)
      rails-dom-testing (~> 2.0)
      rails-html-sanitizer (~> 1.0, >= 1.0.3)
    activemodel (5.2.8.1)
      activesupport (= 5.2.8.1)
    activerecord (5.2.8.1)
      activemodel (= 5.2.8.1)
      activesupport (= 5.2.8.1)
      arel (>= 9.0)
    activesupport (5.2.8.1)
      concurrent-ruby (~> 1.0, >= 1.0.2)
      i18n (>= 0.7, < 2)
      minitest (~> 5.1)
      tzinfo (~> 1.1)
    appraisal (2.4.1)
      bundler
      rake
      thor (>= 0.14.0)
    arel (9.0.0)
    ast (2.4.2)
    builder (3.2.4)
    byebug (11.1.3)
    codeclimate-test-reporter (1.0.9)
      simplecov (<= 0.13)
    concurrent-ruby (1.2.2)
    connection_pool (2.2.5)
    crass (1.0.6)
    database_cleaner (2.0.1)
      database_cleaner-active_record (~> 2.0.0)
    database_cleaner-active_record (2.0.1)
      activerecord (>= 5.a)
      database_cleaner-core (~> 2.0.0)
    database_cleaner-core (2.0.1)
    diff-lcs (1.5.0)
    erubi (1.10.0)
    hkdf (0.3.0)
    http-2 (0.11.0)
    i18n (1.12.0)
      concurrent-ruby (~> 1.0)
    jwt (2.3.0)
    loofah (2.14.0)
      crass (~> 1.0.2)
      nokogiri (>= 1.5.9)
    method_source (1.0.0)
    mini_portile (0.6.2)
    mini_portile2 (2.8.0)
    minitest (5.15.0)
    modis (4.1.0)
      activemodel (>= 5.2)
      activesupport (>= 5.2)
      connection_pool (>= 2)
      msgpack (>= 0.5)
      redis (>= 3.0, < 5.0)
    msgpack (1.4.5)
    multi_json (1.15.0)
    mysql2 (0.5.5)
    net-http-persistent (4.0.1)
      connection_pool (~> 2.2)
    net-http2 (0.18.4)
      http-2 (~> 0.11)
    nokogiri (1.6.6.4)
      mini_portile (~> 0.6.0)
    parallel (1.20.1)
    parser (3.2.1.1)
      ast (~> 2.4.1)
    pg (1.2.3)
    rack (2.2.6.3)
    rack-test (2.0.2)
      rack (>= 1.3)
    rails-dom-testing (2.0.3)
      activesupport (>= 4.2.0)
      nokogiri (>= 1.6)
    rails-html-sanitizer (1.4.2)
      loofah (~> 2.3)
    railties (5.2.8.1)
      actionpack (= 5.2.8.1)
      activesupport (= 5.2.8.1)
      method_source
      rake (>= 0.8.7)
      thor (>= 0.19.0, < 2.0)
    rainbow (3.1.1)
    rake (13.0.6)
    redis (4.6.0)
    regexp_parser (2.7.0)
    rexml (3.2.5)
    rpush-redis (1.2.0)
      modis (>= 3.0, < 5.0)
    rspec (3.4.0)
      rspec-core (~> 3.4.0)
      rspec-expectations (~> 3.4.0)
      rspec-mocks (~> 3.4.0)
    rspec-core (3.4.4)
      rspec-support (~> 3.4.0)
    rspec-expectations (3.4.0)
      diff-lcs (>= 1.2.0, < 2.0)
      rspec-support (~> 3.4.0)
    rspec-mocks (3.4.1)
      diff-lcs (>= 1.2.0, < 2.0)
      rspec-support (~> 3.4.0)
    rspec-support (3.4.1)
    rubocop (1.12.1)
      parallel (~> 1.10)
      parser (>= 3.0.0.0)
      rainbow (>= 2.2.2, < 4.0)
      regexp_parser (>= 1.8, < 3.0)
      rexml
      rubocop-ast (>= 1.2.0, < 2.0)
      ruby-progressbar (~> 1.7)
      unicode-display_width (>= 1.4.0, < 3.0)
    rubocop-ast (1.4.1)
      parser (>= 2.7.1.5)
    rubocop-performance (1.10.2)
      rubocop (>= 0.90.0, < 2.0)
      rubocop-ast (>= 0.4.0)
    ruby-progressbar (1.11.0)
    simplecov (0.3.9)
      simplecov-html (>= 0.3.7)
    simplecov-html (0.12.3)
    sqlite3 (1.6.1)
      mini_portile2 (~> 2.8.0)
    stackprof (0.2.23)
    thor (1.2.1)
    thread_safe (0.3.6)
    timecop (0.9.6)
    tzinfo (1.2.11)
      thread_safe (~> 0.1)
    unicode-display_width (2.4.2)
    webpush (1.1.0)
      hkdf (~> 0.2)
      jwt (~> 2.0)

PLATFORMS
  ruby

DEPENDENCIES
  appraisal
  byebug
  codeclimate-test-reporter
  database_cleaner
  modis (>= 2.0)
  mysql2
  pg
  rake
  rpush!
  rpush-redis (~> 1.0)
  rspec (~> 3.4.0)
  rubocop (~> 1.12.0)
  rubocop-performance
  simplecov
  sqlite3
  stackprof
  timecop

BUNDLED WITH
   2.3.5
